GEM
  remote: https://rubygems.org/
  specs:
    builder (3.2.0)
    celluloid (0.14.0)
      timers (>= 1.0.0)
    coderay (1.0.9)
    cucumber (1.3.1)
      builder (>= 2.1.2)
      diff-lcs (>= 1.1.3)
      gherkin (~> 2.12.0)
      multi_json (~> 1.3)
    diff-lcs (1.2.4)
    gherkin (2.12.0)
      multi_json (~> 1.3)
    httparty (0.11.0)
      multi_json (~> 1.0)
      multi_xml (>= 0.5.2)
    method_source (0.8.1)
    minitest (5.0.0)
    mixlib-shellout (1.1.0)
    multi_json (1.7.3)
    multi_xml (0.5.3)
    net-scp (1.1.0)
      net-ssh (>= 2.6.5)
    net-ssh (2.6.7)
    nokogiri (1.5.9)
    pry (0.9.12.2)
      coderay (~> 1.0.5)
      method_source (~> 0.8)
      slop (~> 3.4)
    safe_yaml (0.9.1)
    slop (3.4.4)
    test-kitchen (1.0.0.alpha.6)
      celluloid
      mixlib-shellout
      net-scp
      net-ssh
      pry
      safe_yaml
      thor
    thor (0.18.1)
    timers (1.1.0)

PLATFORMS
  ruby

DEPENDENCIES
  cucumber (> 1.2.1)
  httparty (> 0.8.3)
  minitest (> 3.0.0)
  nokogiri (> 1.5.0)
  test-kitchen (> 1.0.0.alpha.5)
